GIT
  remote: https://github.com/foobara/spec-helpers.git
  revision: 39304b73a24846ae4cdc3f4b1aafab6f56ac6fb9
  specs:
    foobara-spec-helpers (0.0.3)
      foobara-util

PATH
  remote: .
  specs:
    test-org-test-domain (0.0.1)
      foobara
      foobara-files-generator

GEM
  remote: https://rubygems.org/
  specs:
    ast (2.4.2)
    byebug (11.1.3)
    coderay (1.1.3)
    diff-lcs (1.5.1)
    docile (1.4.0)
    ffi (1.17.0-x86_64-linux-gnu)
    foob (0.0.5)
      foobara
      foobara-autocrud-generator
      foobara-command-generator
      foobara-domain-generator
      foobara-domain-mapper-generator
      foobara-empty-ruby-project-generator
      foobara-empty-typescript-react-project-generator
      foobara-organization-generator
      foobara-rack-connector-generator
      foobara-redis-crud-driver-generator
      foobara-remote-imports-generator
      foobara-resque-connector-generator
      foobara-resque-scheduler-connector-generator
      foobara-sh-cli-connector
      foobara-sh-cli-connector-generator
      foobara-type-generator
      foobara-typescript-react-command-form-generator
      foobara-typescript-remote-command-generator
    foobara (0.0.1)
      foobara-util
    foobara-autocrud-generator (0.0.1)
      foobara
      foobara-files-generator
    foobara-command-generator (0.0.1)
      foobara
      foobara-files-generator
    foobara-domain-generator (0.0.1)
      foobara
      foobara-files-generator
    foobara-domain-mapper-generator (0.0.1)
      foobara
      foobara-files-generator
    foobara-empty-ruby-project-generator (0.0.2)
      foobara
      foobara-files-generator
    foobara-empty-typescript-react-project-generator (0.0.1)
      foobara
      foobara-files-generator
    foobara-files-generator (0.0.1)
      foobara
    foobara-organization-generator (0.0.1)
      foobara
      foobara-files-generator
    foobara-rack-connector-generator (0.0.1)
      foobara
      foobara-files-generator
    foobara-redis-crud-driver-generator (0.0.1)
      foobara
      foobara-files-generator
    foobara-remote-imports-generator (0.0.1)
      foobara
      foobara-files-generator
    foobara-resque-connector-generator (0.0.1)
      foobara
      foobara-files-generator
    foobara-resque-scheduler-connector-generator (0.0.1)
      foobara
      foobara-files-generator
    foobara-rubocop-rules (0.0.3)
      rubocop
      rubocop-rspec
    foobara-sh-cli-connector (0.0.1)
      foobara
    foobara-sh-cli-connector-generator (0.0.1)
      foobara
      foobara-files-generator
    foobara-type-generator (0.0.1)
      foobara
      foobara-files-generator
    foobara-typescript-react-command-form-generator (0.0.1)
      foobara
      foobara-files-generator
      foobara-typescript-remote-command-generator
    foobara-typescript-remote-command-generator (0.0.1)
      foobara
      foobara-files-generator
    foobara-util (0.0.4)
    formatador (1.1.0)
    guard (2.18.1)
      formatador (>= 0.2.4)
      listen (>= 2.7, < 4.0)
      lumberjack (>= 1.0.12, < 2.0)
      nenv (~> 0.1)
      notiffany (~> 0.0)
      pry (>= 0.13.0)
      shellany (~> 0.0)
      thor (>= 0.18.1)
    guard-compat (1.2.1)
    guard-rspec (4.7.3)
      guard (~> 2.1)
      guard-compat (~> 1.1)
      rspec (>= 2.99.0, < 4.0)
    json (2.7.2)
    language_server-protocol (3.17.0.3)
    listen (3.9.0)
      rb-fsevent (~> 0.10, >= 0.10.3)
      rb-inotify (~> 0.9, >= 0.9.10)
    lumberjack (1.2.10)
    method_source (1.1.0)
    nenv (0.3.0)
    notiffany (0.1.3)
      nenv (~> 0.1)
      shellany (~> 0.0)
    parallel (1.25.1)
    parser (3.3.3.0)
      ast (~> 2.4.1)
      racc
    pry (0.14.2)
      coderay (~> 1.1)
      method_source (~> 1.0)
    pry-byebug (3.10.1)
      byebug (~> 11.0)
      pry (>= 0.13, < 0.15)
    racc (1.8.0)
    rainbow (3.1.1)
    rake (13.2.1)
    rb-fsevent (0.11.2)
    rb-inotify (0.11.1)
      ffi (~> 1.0)
    regexp_parser (2.9.2)
    rexml (3.3.0)
      strscan
    rspec (3.13.0)
      rspec-core (~> 3.13.0)
      rspec-expectations (~> 3.13.0)
      rspec-mocks (~> 3.13.0)
    rspec-core (3.13.0)
      rspec-support (~> 3.13.0)
    rspec-expectations (3.13.1)
      diff-lcs (>= 1.2.0, < 2.0)
      rspec-support (~> 3.13.0)
    rspec-its (1.3.0)
      rspec-core (>= 3.0.0)
      rspec-expectations (>= 3.0.0)
    rspec-mocks (3.13.1)
      diff-lcs (>= 1.2.0, < 2.0)
      rspec-support (~> 3.13.0)
    rspec-support (3.13.1)
    rubocop (1.64.1)
      json (~> 2.3)
      language_server-protocol (>= 3.17.0)
      parallel (~> 1.10)
      parser (>= 3.3.0.2)
      rainbow (>= 2.2.2, < 4.0)
      regexp_parser (>= 1.8, < 3.0)
      rexml (>= 3.2.5, < 4.0)
      rubocop-ast (>= 1.31.1, < 2.0)
      ruby-progressbar (~> 1.7)
      unicode-display_width (>= 2.4.0, < 3.0)
    rubocop-ast (1.31.3)
      parser (>= 3.3.1.0)
    rubocop-rake (0.6.0)
      rubocop (~> 1.0)
    rubocop-rspec (3.0.1)
      rubocop (~> 1.61)
    ruby-progressbar (1.13.0)
    shellany (0.0.1)
    simplecov (0.22.0)
      docile (~> 1.1)
      simplecov-html (~> 0.11)
      simplecov_json_formatter (~> 0.1)
    simplecov-html (0.12.3)
    simplecov_json_formatter (0.1.4)
    strscan (3.1.0)
    thor (1.3.1)
    unicode-display_width (2.5.0)

PLATFORMS
  x86_64-linux

DEPENDENCIES
  foob
  foobara-command-generator
  foobara-domain-generator
  foobara-empty-ruby-project-generator
  foobara-files-generator
  foobara-organization-generator
  foobara-rubocop-rules
  foobara-spec-helpers!
  guard-rspec
  pry
  pry-byebug
  rake
  rspec
  rspec-its
  rubocop-rake
  rubocop-rspec
  simplecov
  test-org-test-domain!

RUBY VERSION
   ruby 3.2.2p53

BUNDLED WITH
   2.4.14
